GIT
  remote: https://github.com/aarongustafson/jekyll-webmention_io.git
  revision: 6aa3cd49b89cbfe7436030be0901a67f4794801c
  specs:
    jekyll-webmention_io (3.3.6)
      htmlbeautifier (~> 1.1)
      jekyll (>= 3.2.0, < 5.0)
      json (~> 2.0)
      openssl (~> 2.0)
      string_inflection (~> 0.1)
      uglifier (~> 4.1)
      webmention (~> 0.1.6)

GIT
  remote: https://github.com/digitalsparky/jekyll-minifier.git
  revision: be6d0d56b1fc9eade93b4d5a4933d0340aee1d71
  specs:
    jekyll-minifier (0.1.8)
      cssminify2 (~> 2.0)
      htmlcompressor (~> 0.4)
      jekyll (>= 3.5)
      json-minify (~> 0.0.3)
      uglifier (~> 4.1)

GIT
  remote: https://github.com/jekyll/jekyll-commonmark.git
  revision: 26a431595c15b0b27e3c9e85c2d3c1e83526010d
  specs:
    jekyll-commonmark (1.4.0)
      commonmarker (~> 0.22)

GIT
  remote: https://github.com/jekyll/jekyll.git
  revision: d46bef774a8f91e7f58d982cccdface7a3d5d26b
  specs:
    jekyll (4.2.1)
      addressable (~> 2.4)
      colorator (~> 1.0)
      em-websocket (~> 0.5)
      i18n (~> 1.0)
      jekyll-sass-converter (~> 2.0)
      jekyll-watch (~> 2.0)
      kramdown (~> 2.3, >= 2.3.1)
      kramdown-parser-gfm (~> 1.0)
      liquid (~> 4.0)
      mercenary (>= 0.3.6, < 0.5)
      pathutil (~> 0.9)
      psych (~> 3.3)
      rouge (~> 3.0)
      safe_yaml (~> 1.0)
      terminal-table (>= 1.8, < 4.0)
      webrick (~> 1.7)

GEM
  remote: https://rubygems.org/
  specs:
    activesupport (7.0.1)
      concurrent-ruby (~> 1.0, >= 1.0.2)
      i18n (>= 1.6, < 2)
      minitest (>= 5.1)
      tzinfo (~> 2.0)
    addressable (2.8.0)
      public_suffix (>= 2.0.2, < 5.0)
    ansi (1.5.0)
    ast (2.4.2)
    coderay (1.1.3)
    colorator (1.1.0)
    commonmarker (0.23.2)
    concurrent-ruby (1.1.9)
    crass (1.0.6)
    cssminify2 (2.0.1)
    em-websocket (0.5.3)
      eventmachine (>= 0.12.9)
      http_parser.rb (~> 0)
    ethon (0.15.0)
      ffi (>= 1.15.0)
    eventmachine (1.2.7)
    execjs (2.8.1)
    faraday (1.9.3)
      faraday-em_http (~> 1.0)
      faraday-em_synchrony (~> 1.0)
      faraday-excon (~> 1.1)
      faraday-httpclient (~> 1.0)
      faraday-multipart (~> 1.0)
      faraday-net_http (~> 1.0)
      faraday-net_http_persistent (~> 1.0)
      faraday-patron (~> 1.0)
      faraday-rack (~> 1.0)
      faraday-retry (~> 1.0)
      ruby2_keywords (>= 0.0.4)
    faraday-em_http (1.0.0)
    faraday-em_synchrony (1.0.0)
    faraday-excon (1.1.0)
    faraday-http-cache (2.2.0)
      faraday (>= 0.8)
    faraday-httpclient (1.0.1)
    faraday-multipart (1.0.3)
      multipart-post (>= 1.2, < 3)
    faraday-net_http (1.0.1)
    faraday-net_http_persistent (1.2.0)
    faraday-patron (1.0.0)
    faraday-rack (1.0.0)
    faraday-retry (1.0.3)
    faraday_middleware (1.2.0)
      faraday (~> 1.0)
    ffi (1.15.5)
    forwardable-extended (2.6.0)
    html-pipeline (2.14.0)
      activesupport (>= 2)
      nokogiri (>= 1.4)
    html-proofer (3.19.3)
      addressable (~> 2.3)
      mercenary (~> 0.3)
      nokogiri (~> 1.12)
      parallel (~> 1.3)
      rainbow (~> 3.0)
      typhoeus (~> 1.3)
      yell (~> 2.0)
    htmlbeautifier (1.4.1)
    htmlcompressor (0.4.0)
    http_parser.rb (0.8.0)
    httparty (0.15.7)
      multi_xml (>= 0.5.2)
    i18n (1.9.1)
      concurrent-ruby (~> 1.0)
    ipaddr (1.2.3)
    jekyll-auto-image (1.1.3)
      jekyll
    jekyll-debug (0.0.2)
      liquid (>= 2.5, < 5.0)
      pry (~> 0.10)
      rb-readline (~> 0.5)
    jekyll-email-protect (1.1.0)
    jekyll-embed-urls (0.4.4)
      faraday (~> 1.3)
      faraday-http-cache (~> 2.2)
      faraday_middleware (~> 1)
      jekyll (~> 4)
      loofah (~> 2.9)
      ogp (~> 0.4)
      ruby-oembed (~> 0.16.0)
      url-privacy (~> 0)
    jekyll-feed (0.16.0)
      jekyll (>= 3.7, < 5.0)
    jekyll-file-size (0.0.7)
    jekyll-graph (0.0.7)
      jekyll (~> 4.2.0)
      jekyll-namespaces (~> 0.0.3)
      jekyll-wikilinks (~> 0.0.11)
    jekyll-last-modified-at (1.3.0)
      jekyll (>= 3.7, < 5.0)
      posix-spawn (~> 0.3.9)
    jekyll-mentions (1.6.0)
      html-pipeline (~> 2.3)
      jekyll (>= 3.7, < 5.0)
    jekyll-namespaces (0.0.3)
    jekyll-paginate-v2 (3.0.0)
      jekyll (>= 3.0, < 5.0)
    jekyll-redirect-from (0.16.0)
      jekyll (>= 3.3, < 5.0)
    jekyll-sass-converter (2.1.0)
      sassc (> 2.0.1, < 3.0)
    jekyll-seo-tag (2.7.1)
      jekyll (>= 3.8, < 5.0)
    jekyll-sitemap (1.4.0)
      jekyll (>= 3.7, < 5.0)
    jekyll-target-blank (2.0.0)
      jekyll (>= 3.0, < 5.0)
      nokogiri (~> 1.10)
    jekyll-unique-urls (0.1.2)
      jekyll (~> 4)
    jekyll-watch (2.2.1)
      listen (~> 3.0)
    jekyll-wikilinks (0.0.11)
      jekyll (~> 4.2.0)
      nokogiri (~> 1.12.3)
    json (2.6.1)
    json-minify (0.0.3)
      json (> 0)
    kramdown (2.3.1)
      rexml
    kramdown-parser-gfm (1.1.0)
      kramdown (~> 2.0)
    link_header (0.0.8)
    liquid (4.0.3)
    liquid-c (4.0.0)
      liquid (>= 3.0.0)
    listen (3.7.1)
      rb-fsevent (~> 0.10, >= 0.10.3)
      rb-inotify (~> 0.9, >= 0.9.10)
    loofah (2.13.0)
      crass (~> 1.0.2)
      nokogiri (>= 1.5.9)
    mercenary (0.4.0)
    method_source (1.0.0)
    mini_portile2 (2.6.1)
    minitest (5.15.0)
    multi_xml (0.6.0)
    multipart-post (2.1.1)
    nokogiri (1.12.5)
      mini_portile2 (~> 2.6.1)
      racc (~> 1.4)
    oga (3.3)
      ast
      ruby-ll (~> 2.1)
    ogp (0.5.0)
      oga (~> 3.3)
    openssl (2.2.1)
      ipaddr
    parallel (1.21.0)
    pathutil (0.16.2)
      forwardable-extended (~> 2.6)
    posix-spawn (0.3.15)
    pry (0.14.1)
      coderay (~> 1.1)
      method_source (~> 1.0)
    psych (3.3.2)
    public_suffix (4.0.6)
    racc (1.6.0)
    rainbow (3.1.1)
    rb-fsevent (0.11.0)
    rb-inotify (0.10.1)
      ffi (~> 1.0)
    rb-readline (0.5.5)
    rexml (3.2.5)
    rouge (3.27.0)
    ruby-ll (2.1.2)
      ansi
      ast
    ruby-oembed (0.16.1)
    ruby2_keywords (0.0.5)
    safe_yaml (1.0.5)
    sassc (2.4.0)
      ffi (~> 1.9)
    string_inflection (0.1.2)
    terminal-table (3.0.2)
      unicode-display_width (>= 1.1.1, < 3)
    typhoeus (1.4.0)
      ethon (>= 0.9.0)
    tzinfo (2.0.4)
      concurrent-ruby (~> 1.0)
    uglifier (4.2.0)
      execjs (>= 0.3.0, < 3)
    unicode-display_width (2.1.0)
    url-privacy (0.1.0)
    webmention (0.1.6)
      httparty (~> 0.15.5)
      json
      link_header (~> 0.0.8)
      nokogiri
    webrick (1.7.0)
    yell (2.2.2)

PLATFORMS
  x86_64-darwin-21

DEPENDENCIES
  html-proofer
  jekyll!
  jekyll-auto-image
  jekyll-commonmark!
  jekyll-debug
  jekyll-email-protect
  jekyll-embed-urls
  jekyll-feed
  jekyll-file-size
  jekyll-graph
  jekyll-last-modified-at
  jekyll-mentions
  jekyll-minifier!
  jekyll-paginate-v2
  jekyll-redirect-from
  jekyll-seo-tag
  jekyll-sitemap
  jekyll-target-blank
  jekyll-unique-urls
  jekyll-watch
  jekyll-webmention_io!
  jekyll-wikilinks
  liquid-c

BUNDLED WITH
   2.3.3
